PATH
  remote: .
  specs:
    braai (1.3.0)
      activesupport

GEM
  remote: https://rubygems.org/
  specs:
    activesupport (3.2.11)
      i18n (~> 0.6)
      multi_json (~> 1.0)
    i18n (0.6.1)
    metaclass (0.0.1)
    minitest (2.12.1)
    minitest-colorize (0.0.4)
      minitest (~> 2.0)
    mocha (0.12.4)
      metaclass (~> 0.0.1)
    multi_json (1.5.0)

PLATFORMS
  ruby

DEPENDENCIES
  braai!
  minitest-colorize
  mocha
